PATH
  remote: .
  specs:
    smile (0.4.4)
      activesupport (>= 3.0)
      i18n
      rest-client
      yajl-ruby (>= 1.1.0)

GEM
  remote: http://rubygems.org/
  specs:
    activesupport (3.2.8)
      i18n (~> 0.6)
      multi_json (~> 1.0)
    fakeweb (1.3.0)
    i18n (0.6.1)
    mime-types (1.19)
    minitest (2.0.2)
    multi_json (1.3.6)
    rest-client (1.6.7)
      mime-types (>= 1.16)
    vcr (1.2.0)
    yajl-ruby (1.1.0)

PLATFORMS
  ruby

DEPENDENCIES
  bundler (>= 1.0.0)
  fakeweb
  minitest
  smile!
  vcr
